GEM
  remote: https://rubygems.org/
  specs:
    sqlite (1.0.2)

PLATFORMS
  ruby

DEPENDENCIES
  sqlite

BUNDLED WITH
   2.1.2
